GEM
  remote: http://rubygems.org/
  specs:
    configatron (2.8.4)
      yamler (>= 0.1.0)
    cover_me (1.2.0)
      configatron
      hashie
    diff-lcs (1.1.3)
    fuubar (0.0.6)
      rspec (~> 2.0)
      rspec-instafail (~> 0.1.8)
      ruby-progressbar (~> 0.0.10)
    git (1.2.5)
    hashie (1.2.0)
    jeweler (1.6.4)
      bundler (~> 1.0)
      git (>= 1.2.5)
      rake
    mime-types (1.17.2)
    nokogiri (1.5.0)
    rake (0.9.2.2)
    rspec (2.3.0)
      rspec-core (~> 2.3.0)
      rspec-expectations (~> 2.3.0)
      rspec-mocks (~> 2.3.0)
    rspec-core (2.3.1)
    rspec-expectations (2.3.0)
      diff-lcs (~> 1.1.2)
    rspec-instafail (0.1.9)
    rspec-mocks (2.3.0)
    ruby-progressbar (0.0.10)
    typhoeus (0.3.2)
      mime-types
    yamler (0.1.0)

PLATFORMS
  ruby

DEPENDENCIES
  cover_me
  fuubar
  jeweler
  nokogiri
  rspec (~> 2.3.0)
  typhoeus
